GIT
  remote: https://github.com/sinisterchipmunk/fiddle
  revision: 94dbbaf07b1fb400aebbf1deca9cee302fe80e30
  branch: nested-structs
  specs:
    fiddle (1.0.0)

PATH
  remote: .
  specs:
    vulkan-ruby (0.1.0)

GEM
  remote: https://rubygems.org/
  specs:
    cglm (0.1.0)
    chunky_png (1.3.10)
    docile (1.3.1)
    json (2.1.0)
    mini_portile2 (2.6.1)
    minitest (5.11.3)
    nokogiri (1.12.5)
      mini_portile2 (~> 2.6.1)
      racc (~> 1.4)
    oily_png (1.2.1)
      chunky_png (~> 1.3.7)
    racc (1.5.2)
    rake (10.5.0)
    ruby-sdl2 (0.3.4)
    sdl2_vulkan (0.1.0)
      ruby-sdl2 (~> 0.3)
    simplecov (0.16.1)
      docile (~> 1.1)
      json (>= 1.8, < 3)
      simplecov-html (~> 0.10.0)
    simplecov-html (0.10.2)
    tiny_obj (0.2.1)

PLATFORMS
  ruby

DEPENDENCIES
  bundler
  cglm (~> 0.1)
  chunky_png (~> 1.3)
  fiddle!
  minitest (~> 5.0)
  nokogiri (~> 1.8)
  oily_png (~> 1.2)
  rake (~> 10.0)
  sdl2_vulkan (~> 0.1)
  simplecov (~> 0.16)
  tiny_obj (~> 0.2)
  vulkan-ruby!

BUNDLED WITH
   2.0.0.pre.1
