PATH
  remote: .
  specs:
    vulkan-ruby (1.3.207.4)
      sorted_set

GEM
  remote: https://rubygems.org/
  specs:
    cglm (0.1.1)
    chunky_png (1.3.12)
    docile (1.3.2)
    mini_portile2 (2.8.0)
    minitest (5.15.0)
    nokogiri (1.13.3)
      mini_portile2 (~> 2.8.0)
      racc (~> 1.4)
    oily_png (1.2.1)
      chunky_png (~> 1.3.7)
    racc (1.6.0)
    rake (13.0.1)
    rbtree (0.4.5)
    ruby-sdl2 (0.3.5)
    sdl2_vulkan (0.1.0)
      ruby-sdl2 (~> 0.3)
    set (1.0.2)
    simplecov (0.19.0)
      docile (~> 1.1)
      simplecov-html (~> 0.11)
    simplecov-html (0.12.3)
    sorted_set (1.0.3)
      rbtree
      set (~> 1.0)
    tiny_obj (0.2.5)

PLATFORMS
  ruby

DEPENDENCIES
  bundler (~> 2.1)
  cglm (~> 0.1)
  chunky_png (~> 1.3)
  minitest (~> 5.15)
  nokogiri (~> 1.8)
  oily_png (~> 1.2)
  rake (~> 13.0)
  sdl2_vulkan (~> 0.1)
  simplecov (~> 0.16)
  tiny_obj (~> 0.2)
  vulkan-ruby!

BUNDLED WITH
   2.5.17
